GEM
  remote: https://rubygems.org/
  specs:
    byebug (11.1.3)
    concurrent-ruby (1.1.10)
    faker (3.0.0)
      i18n (>= 1.8.11, < 2)
    i18n (1.12.0)
      concurrent-ruby (~> 1.0)
    minitest (5.16.3)
    ruby2d (0.11.3)

PLATFORMS
  x64-mingw-ucrt

DEPENDENCIES
  byebug (~> 11.1.1)
  faker (~> 3.0.0)
  minitest (~> 5)
  ruby2d (~> 0.11.1)

BUNDLED WITH
   2.3.25
